GEM
  remote: https://rubygems.org/
  specs:
    sequel (5.7.1)

PLATFORMS
  ruby

DEPENDENCIES
  sequel

BUNDLED WITH
   1.16.1
